GEM
  remote: http://rubygems.org/
  specs:
    archive-tar-minitar (0.5.2)
    bson (1.3.0)
    bson_ext (1.3.0)
    columnize (0.3.2)
    linecache19 (0.5.12)
      ruby_core_source (>= 0.1.4)
    mongo (1.3.0)
      bson (>= 1.3.0)
    rack (1.2.2)
    ruby-debug-base19 (0.11.25)
      columnize (>= 0.3.1)
      linecache19 (>= 0.5.11)
      ruby_core_source (>= 0.1.4)
    ruby-debug19 (0.11.6)
      columnize (>= 0.3.1)
      linecache19 (>= 0.5.11)
      ruby-debug-base19 (>= 0.11.19)
    ruby_core_source (0.1.5)
      archive-tar-minitar (>= 0.5.2)
    shotgun (0.9)
      rack (>= 1.0)
    sinatra (1.2.3)
      rack (~> 1.1)
      tilt (< 2.0, >= 1.2.2)
    tilt (1.2.2)

PLATFORMS
  ruby

DEPENDENCIES
  bson_ext (= 1.3.0)
  bundler (= 1.0.12)
  mongo (= 1.3.0)
  rack (= 1.2.2)
  ruby-debug19 (= 0.11.6)
  shotgun (= 0.9)
  sinatra (= 1.2.3)
