GEM
  remote: http://rubygems.org/
  specs:
    bson (1.0.7)
    bson_ext (1.0.7)
    haml (3.0.18)
    json_pure (1.4.6)
    mongo (1.0.8)
      bson (>= 1.0.5)
    rack (1.2.1)
    sinatra (1.0)
      rack (>= 1.0)

PLATFORMS
  ruby

DEPENDENCIES
  bson_ext
  haml
  json_pure
  mongo
  sinatra
